GIT
  remote: git@github.com:schacon/showoff.git
  revision: d297bd29f3dd192548c6c3ca35900b46bc5bec90
  specs:
    showoff (0.7.0)
      gli (~> 2)
      json
      nokogiri
      parslet
      redcarpet
      sinatra (~> 1.3)

GEM
  remote: https://rubygems.org/
  specs:
    blankslate (2.1.2.4)
    bundler-unload (1.0.1)
    gli (2.5.6)
    json (1.8.0)
    nokogiri (1.5.9)
    parslet (1.5.0)
      blankslate (~> 2.0)
    rack (1.5.2)
    rack-protection (1.5.0)
      rack
    redcarpet (2.3.0)
    rubygems-bundler (1.2.0)
      bundler-unload (>= 1.0.1)
    sinatra (1.4.2)
      rack (~> 1.5, >= 1.5.2)
      rack-protection (~> 1.4)
      tilt (~> 1.3, >= 1.3.4)
    tilt (1.4.1)

PLATFORMS
  ruby

DEPENDENCIES
  rubygems-bundler
  showoff!
